GEM
  remote: http://rubygems.org/
  specs:
    mojo_magick (0.5.3)
    qr4r (0.3.5)
      mojo_magick
      rqrcode
    rack (1.3.0)
    rqrcode (0.4.2)
    sinatra (1.2.6)
      rack (~> 1.1)
      tilt (>= 1.2.2, < 2.0)
    slim (1.1.1)
      temple (~> 0.4.0)
      tilt (~> 1.3.2)
    temple (0.4.1)
    tilt (1.3.2)

PLATFORMS
  ruby

DEPENDENCIES
  qr4r
  sinatra
  slim
